GEM
  remote: https://rubygems.org/
  specs:
    mini_portile2 (2.4.0)
    mysql2 (0.5.3)
    nokogiri (1.10.9)
      mini_portile2 (~> 2.4.0)

PLATFORMS
  ruby

DEPENDENCIES
  mysql2
  nokogiri

BUNDLED WITH
   2.1.4
