GEM
  remote: https://rubygems.org/
  specs:
    mini_portile2 (2.5.1)
    mysql2 (0.5.3)
    nokogiri (1.11.4)
      mini_portile2 (~> 2.5.0)
      racc (~> 1.4)
    racc (1.5.2)

PLATFORMS
  ruby

DEPENDENCIES
  mysql2
  nokogiri

BUNDLED WITH
   2.1.4
