GEM
  remote: https://rubygems.org/
  specs:
    mini_portile2 (2.8.0)
    mysql2 (0.5.3)
    nokogiri (1.13.4)
      mini_portile2 (~> 2.8.0)
      racc (~> 1.4)
    racc (1.6.0)

PLATFORMS
  ruby

DEPENDENCIES
  mysql2
  nokogiri

BUNDLED WITH
   2.1.4
